GEM
  remote: http://rubygems.org/
  specs:
    hoe (2.6.1)
      rake (>= 0.8.7)
      rubyforge (>= 2.0.4)
    json_pure (1.4.3)
    rake (0.8.7)
    rubyforge (2.0.4)
      json_pure (>= 1.1.7)
    test-unit (1.2.3)
      hoe (>= 1.5.1)

PLATFORMS
  ruby

DEPENDENCIES
  rake
  test-unit
